PATH
  remote: .
  specs:
    app_revs_cli (0.1.0)
      nokogiri (~> 1.10.1)

GEM
  remote: https://rubygems.org/
  specs:
    mini_portile2 (2.4.0)
    nokogiri (1.10.1)
      mini_portile2 (~> 2.4.0)
    rake (10.5.0)

PLATFORMS
  ruby

DEPENDENCIES
  app_revs_cli!
  bundler (~> 2.0.1)
  rake (~> 10.0)

BUNDLED WITH
   2.0.1
